GIT
  remote: https://github.com/prawnpdf/prawn
  revision: 8ceaa105f3e6038fac2eb4b84355d71b00d895f3
  specs:
    prawn (2.4.0)
      matrix (~> 0.4)
      pdf-core (~> 0.9.0)
      ttfunk (~> 1.7)

GEM
  remote: https://rubygems.org/
  specs:
    matrix (0.4.2)
    pdf-core (0.9.0)
    ttfunk (1.7.0)

PLATFORMS
  ruby

DEPENDENCIES
  prawn!

BUNDLED WITH
   2.1.4
