GEM
  remote: https://rubygems.org/
  specs:
    matrix (0.4.2)
    pdf-core (0.9.0)
    prawn (2.4.0)
      pdf-core (~> 0.9.0)
      ttfunk (~> 1.7)
    ttfunk (1.7.0)

PLATFORMS
  ruby

DEPENDENCIES
  matrix
  prawn

BUNDLED WITH
   2.1.4
